GIT
  remote: https://5ca062ce4d19b1f09774a4934c3bde9fd18c6558:x-oauth-basic@github.com/TabDigital/deployment-libraries.git
  revision: 2fd281242b46d492d8a94495559291adf8fca64d
  tag: 2fd281242b46d492d8a94495559291adf8fca64d
  specs:
    deployment_libraries (0.0.1)
      aws-sdk (= 2.1.32)
      cfndsl (= 0.3.2)
      docker-api (= 1.24.1)
      hash_validator (= 0.4.0)
      net-scp (= 1.2.1)
      net-ssh (= 3.0.2)
      pg (= 0.18.2)
      rake (= 10.4.2)
    deployment_library_validations (0.0.1)
      aws-sdk (= 2.1.32)
      cfndsl (= 0.3.2)
      rake (= 10.4.2)

GEM
  remote: https://rubygems.org/
  specs:
    aws-sdk (2.1.32)
      aws-sdk-resources (= 2.1.32)
    aws-sdk-core (2.1.32)
      jmespath (~> 1.0)
    aws-sdk-resources (2.1.32)
      aws-sdk-core (= 2.1.32)
    cfndsl (0.3.2)
    coderay (1.1.0)
    docker-api (1.24.1)
      excon (>= 0.38.0)
      json
    excon (0.45.4)
    hash_validator (0.4.0)
    jmespath (1.1.3)
    json (1.8.3)
    method_source (0.8.2)
    net-scp (1.2.1)
      net-ssh (>= 2.6.5)
    net-ssh (3.0.2)
    pg (0.18.2)
    pry (0.10.3)
      coderay (~> 1.1.0)
      method_source (~> 0.8.1)
      slop (~> 3.4)
    pry-nav (0.2.4)
      pry (>= 0.9.10, < 0.11.0)
    rake (10.4.2)
    slop (3.6.0)

PLATFORMS
  ruby

DEPENDENCIES
  deployment_libraries!
  deployment_library_validations!
  pry
  pry-nav
